GIT
  remote: https://github.com/activeadmin-plugins/active_admin_sidebar.git
  revision: 18b38b0586192cc0acab70b914b3536ca5be04de
  specs:
    active_admin_sidebar (2.0.0)
      activeadmin

GIT
  remote: https://github.com/tsubik/active_admin_paranoia.git
  revision: 3f3fd26962ae4d8aee139a3b8f7256e2d1d340dc
  specs:
    active_admin_paranoia (1.0.11)
      paranoia (>= 1.0)
      rails (>= 4.0)

GIT
  remote: https://github.com/tsubik/activeadmin-globalize.git
  revision: 6740d360a45c1e36741adc536e402c35e11a39a9
  branch: custom
  specs:
    activeadmin-globalize (1.0.0.pre)
      activeadmin (>= 1.0, < 4.0)
      globalize (>= 3.1.0, <= 6.3)

GIT
  remote: https://github.com/tsubik/globalize-versioning.git
  revision: 7b13908044e79fa975155bb1b4941fdeffd6682b
  branch: custom
  specs:
    globalize-versioning (0.5.0)
      activemodel (>= 4.2.0, < 8.0)
      activerecord (>= 4.2.0, < 8.0)
      globalize (>= 5.1.0, < 7)
      paper_trail (>= 8, < 16)

GIT
  remote: https://github.com/tsubik/rspec-request_snapshot.git
  revision: 86775ed811110a71df75605440ca41deae07cf26
  branch: fix/ignore-order
  specs:
    rspec-request_snapshot (0.7.3)
      rspec (~> 3.0)

GIT
  remote: https://github.com/tsubik/rspec_api_documentation.git
  revision: a0f70af60c16737577818ca4ff01475da71958e5
  branch: fix/open-api-parameter-format
  specs:
    rspec_api_documentation (6.1.0)
      activesupport (>= 3.0.0)
      mustache (~> 1.0, >= 0.99.4)
      rspec (~> 3.0)

GEM
  remote: https://rubygems.org/
  specs:
    actioncable (7.1.3.4)
      actionpack (= 7.1.3.4)
      activesupport (= 7.1.3.4)
      nio4r (~> 2.0)
      websocket-driver (>= 0.6.1)
      zeitwerk (~> 2.6)
    actionmailbox (7.1.3.4)
      actionpack (= 7.1.3.4)
      activejob (= 7.1.3.4)
      activerecord (= 7.1.3.4)
      activestorage (= 7.1.3.4)
      activesupport (= 7.1.3.4)
      mail (>= 2.7.1)
      net-imap
      net-pop
      net-smtp
    actionmailer (7.1.3.4)
      actionpack (= 7.1.3.4)
      actionview (= 7.1.3.4)
      activejob (= 7.1.3.4)
      activesupport (= 7.1.3.4)
      mail (~> 2.5, >= 2.5.4)
      net-imap
      net-pop
      net-smtp
      rails-dom-testing (~> 2.2)
    actionpack (7.1.3.4)
      actionview (= 7.1.3.4)
      activesupport (= 7.1.3.4)
      nokogiri (>= 1.8.5)
      racc
      rack (>= 2.2.4)
      rack-session (>= 1.0.1)
      rack-test (>= 0.6.3)
      rails-dom-testing (~> 2.2)
      rails-html-sanitizer (~> 1.6)
    actiontext (7.1.3.4)
      actionpack (= 7.1.3.4)
      activerecord (= 7.1.3.4)
      activestorage (= 7.1.3.4)
      activesupport (= 7.1.3.4)
      globalid (>= 0.6.0)
      nokogiri (>= 1.8.5)
    actionview (7.1.3.4)
      activesupport (= 7.1.3.4)
      builder (~> 3.1)
      erubi (~> 1.11)
      rails-dom-testing (~> 2.2)
      rails-html-sanitizer (~> 1.6)
    active_material (1.5.2)
    active_skin (0.0.13)
    activeadmin (3.2.2)
      arbre (~> 1.2, >= 1.2.1)
      csv
      formtastic (>= 3.1)
      formtastic_i18n (>= 0.4)
      inherited_resources (~> 1.7)
      jquery-rails (>= 4.2)
      kaminari (>= 1.2.1)
      railties (>= 6.1)
      ransack (>= 4.0)
    activeadmin_addons (1.9.0)
      active_material
      railties
      require_all
      sassc
      sassc-rails
      xdan-datetimepicker-rails (~> 2.5.1)
    activeadmin_quill_editor (1.2.0)
      activeadmin (>= 2.9, < 4)
    activejob (7.1.3.4)
      activesupport (= 7.1.3.4)
      globalid (>= 0.3.6)
    activemodel (7.1.3.4)
      activesupport (= 7.1.3.4)
    activerecord (7.1.3.4)
      activemodel (= 7.1.3.4)
      activesupport (= 7.1.3.4)
      timeout (>= 0.4.0)
    activerecord-import (1.7.0)
      activerecord (>= 4.2)
    activerecord-postgis-adapter (9.0.2)
      activerecord (~> 7.1.0)
      rgeo-activerecord (~> 7.0.0)
    activestorage (7.1.3.4)
      actionpack (= 7.1.3.4)
      activejob (= 7.1.3.4)
      activerecord (= 7.1.3.4)
      activesupport (= 7.1.3.4)
      marcel (~> 1.0)
    activesupport (7.1.3.4)
      base64
      bigdecimal
      concurrent-ruby (~> 1.0, >= 1.0.2)
      connection_pool (>= 2.2.5)
      drb
      i18n (>= 1.6, < 2)
      minitest (>= 5.1)
      mutex_m
      tzinfo (~> 2.0)
    acts_as_list (1.2.1)
      activerecord (>= 6.1)
      activesupport (>= 6.1)
    addressable (2.8.6)
      public_suffix (>= 2.0.2, < 6.0)
    airbrussh (1.5.2)
      sshkit (>= 1.6.1, != 1.7.0)
    annotate (3.2.0)
      activerecord (>= 3.2, < 8.0)
      rake (>= 10.4, < 14.0)
    arbre (1.7.0)
      activesupport (>= 3.0.0)
      ruby2_keywords (>= 0.0.2)
    ast (2.4.2)
    attr_extras (7.1.0)
    base64 (0.1.1)
    bcrypt (3.1.20)
    bigdecimal (3.1.8)
    bindex (0.8.1)
    bootsnap (1.18.3)
      msgpack (~> 1.2)
    brakeman (6.1.2)
      racc
    builder (3.3.0)
    bullet (7.1.6)
      activesupport (>= 3.0.0)
      uniform_notifier (~> 1.11)
    bundler-audit (0.9.1)
      bundler (>= 1.2.0, < 3)
      thor (~> 1.0)
    cancancan (3.6.1)
    capistrano (3.18.1)
      airbrussh (>= 1.0.0)
      i18n
      rake (>= 10.0.0)
      sshkit (>= 1.9.0)
    capistrano-bundler (2.1.0)
      capistrano (~> 3.1)
    capistrano-db-tasks (0.6)
      capistrano (>= 3.0.0)
    capistrano-env-config (0.3.0)
      capistrano (~> 3.0)
      dotenv (~> 2.0)
    capistrano-passenger (0.2.1)
      capistrano (~> 3.0)
    capistrano-rails (1.6.3)
      capistrano (~> 3.1)
      capistrano-bundler (>= 1.1, < 3)
    capistrano-rvm (0.1.2)
      capistrano (~> 3.0)
      sshkit (~> 1.2)
    capybara (3.40.0)
      addressable
      matrix
      mini_mime (>= 0.1.3)
      nokogiri (~> 1.11)
      rack (>= 1.6.0)
      rack-test (>= 0.6.3)
      regexp_parser (>= 1.5, < 3.0)
      xpath (~> 3.2)
    carrierwave (3.0.7)
      activemodel (>= 6.0.0)
      activesupport (>= 6.0.0)
      addressable (~> 2.6)
      image_processing (~> 1.1)
      marcel (~> 1.0.0)
      ssrf_filter (~> 1.0)
    carrierwave-base64 (2.10.0)
      carrierwave (>= 2.2.1)
      marcel (~> 1.0.0)
      mime-types (~> 3.0)
    chartkick (5.0.7)
    choice (0.2.0)
    concurrent-ruby (1.3.3)
    connection_pool (2.4.1)
    countries (6.0.1)
      unaccent (~> 0.3)
    crack (1.0.0)
      bigdecimal
      rexml
    crass (1.0.6)
    csv (3.3.0)
    cuprite (0.15)
      capybara (~> 3.0)
      ferrum (~> 0.14.0)
    database_cleaner (2.0.2)
      database_cleaner-active_record (>= 2, < 3)
    database_cleaner-active_record (2.1.0)
      activerecord (>= 5.a)
      database_cleaner-core (~> 2.0.0)
    database_cleaner-core (2.0.1)
    date (3.3.4)
    debug (1.9.2)
      irb (~> 1.10)
      reline (>= 0.3.8)
    devise (4.9.4)
      bcrypt (~> 3.0)
      orm_adapter (~> 0.1)
      railties (>= 4.1.0)
      responders
      warden (~> 1.2.3)
    diff-lcs (1.5.1)
    docile (1.4.0)
    domain_name (0.6.20240107)
    dotenv (2.8.1)
    dotenv-rails (2.8.1)
      dotenv (= 2.8.1)
      railties (>= 3.2)
    drb (2.2.1)
    email_spec (2.2.2)
      htmlentities (~> 4.3.3)
      launchy (~> 2.1)
      mail (~> 2.7)
    erubi (1.12.0)
    execjs (2.9.1)
    factory_bot (6.4.6)
      activesupport (>= 5.0.0)
    factory_bot_rails (6.4.3)
      factory_bot (~> 6.4)
      railties (>= 5.0.0)
    faker (3.4.1)
      i18n (>= 1.8.11, < 2)
    faraday (2.9.1)
      faraday-net_http (>= 2.0, < 3.2)
    faraday-net_http (3.1.0)
      net-http
    faraday-retry (2.2.1)
      faraday (~> 2.0)
    ferrum (0.14)
      addressable (~> 2.5)
      concurrent-ruby (~> 1.1)
      webrick (~> 1.7)
      websocket-driver (>= 0.6, < 0.8)
    ffi (1.17.0)
    ffi (1.17.0-x86_64-linux-gnu)
    ffi-compiler (1.3.2)
      ffi (>= 1.15.5)
      rake
    formtastic (5.0.0)
      actionpack (>= 6.0.0)
    formtastic_i18n (0.7.0)
    gapic-common (0.21.1)
      faraday (>= 1.9, < 3.a)
      faraday-retry (>= 1.0, < 3.a)
      google-protobuf (~> 3.18)
      googleapis-common-protos (>= 1.4.0, < 2.a)
      googleapis-common-protos-types (>= 1.11.0, < 2.a)
      googleauth (~> 1.9)
      grpc (~> 1.59)
    globalid (1.2.1)
      activesupport (>= 6.1)
    globalize (6.3.0)
      activemodel (>= 4.2, < 7.2)
      activerecord (>= 4.2, < 7.2)
      request_store (~> 1.0)
    google-cloud-core (1.7.0)
      google-cloud-env (>= 1.0, < 3.a)
      google-cloud-errors (~> 1.0)
    google-cloud-env (2.1.1)
      faraday (>= 1.0, < 3.a)
    google-cloud-errors (1.4.0)
    google-cloud-translate (3.6.0)
      google-cloud-core (~> 1.6)
      google-cloud-translate-v2 (>= 0.0, < 2.a)
      google-cloud-translate-v3 (>= 0.11, < 2.a)
    google-cloud-translate-v2 (0.5.1)
      faraday (>= 1.0, < 3.a)
      google-cloud-core (~> 1.6)
      googleapis-common-protos (>= 1.3.10, < 2.a)
      googleapis-common-protos-types (>= 1.0.5, < 2.a)
      googleauth (>= 0.16.2, < 2.a)
    google-cloud-translate-v3 (0.12.0)
      gapic-common (>= 0.21.1, < 2.a)
      google-cloud-errors (~> 1.0)
    google-protobuf (3.25.3)
    google-protobuf (3.25.3-x86_64-linux)
    googleapis-common-protos (1.5.0)
      google-protobuf (~> 3.18)
      googleapis-common-protos-types (~> 1.7)
      grpc (~> 1.41)
    googleapis-common-protos-types (1.14.0)
      google-protobuf (~> 3.18)
    googleauth (1.11.0)
      faraday (>= 1.0, < 3.a)
      google-cloud-env (~> 2.1)
      jwt (>= 1.4, < 3.0)
      multi_json (~> 1.11)
      os (>= 0.9, < 2.0)
      signet (>= 0.16, < 2.a)
    groupdate (6.4.0)
      activesupport (>= 6.1)
    grpc (1.64.0)
      google-protobuf (~> 3.25)
      googleapis-common-protos-types (~> 1.0)
    grpc (1.64.0-x86_64-linux)
      google-protobuf (~> 3.25)
      googleapis-common-protos-types (~> 1.0)
    has_scope (0.8.2)
      actionpack (>= 5.2)
      activesupport (>= 5.2)
    hashdiff (1.1.0)
    htmlentities (4.3.4)
    http (5.2.0)
      addressable (~> 2.8)
      base64 (~> 0.1)
      http-cookie (~> 1.0)
      http-form_data (~> 2.2)
      llhttp-ffi (~> 0.5.0)
    http-cookie (1.0.6)
      domain_name (~> 0.5)
    http-form_data (2.3.0)
    i18n (1.14.5)
      concurrent-ruby (~> 1.0)
    i18n_generators (2.2.2)
      activerecord (>= 3.0.0)
      railties (>= 3.0.0)
    image_processing (1.12.2)
      mini_magick (>= 4.9.5, < 5)
      ruby-vips (>= 2.0.17, < 3)
    inherited_resources (1.14.0)
      actionpack (>= 6.0)
      has_scope (>= 0.6)
      railties (>= 6.0)
      responders (>= 2)
    interactor (3.1.2)
    io-console (0.7.2)
    irb (1.13.1)
      rdoc (>= 4.0.0)
      reline (>= 0.4.2)
    jquery-rails (4.6.0)
      rails-dom-testing (>= 1, < 3)
      railties (>= 4.2.0)
      thor (>= 0.14, < 2.0)
    json (2.7.2)
    jsonapi-resources (0.9.12)
      activerecord (>= 4.1)
      concurrent-ruby
      railties (>= 4.1)
    jwt (2.8.1)
      base64
    kaminari (1.2.2)
      activesupport (>= 4.1.0)
      kaminari-actionview (= 1.2.2)
      kaminari-activerecord (= 1.2.2)
      kaminari-core (= 1.2.2)
    kaminari-actionview (1.2.2)
      actionview
      kaminari-core (= 1.2.2)
    kaminari-activerecord (1.2.2)
      activerecord
      kaminari-core (= 1.2.2)
    kaminari-core (1.2.2)
    language_server-protocol (3.17.0.3)
    launchy (2.5.2)
      addressable (~> 2.8)
    letter_opener (1.10.0)
      launchy (>= 2.2, < 4)
    letter_opener_web (3.0.0)
      actionmailer (>= 6.1)
      letter_opener (~> 1.9)
      railties (>= 6.1)
      rexml
    lint_roller (1.1.0)
    llhttp-ffi (0.5.0)
      ffi-compiler (~> 1.0)
      rake (~> 13.0)
    loofah (2.22.0)
      crass (~> 1.0.2)
      nokogiri (>= 1.12.0)
    mail (2.8.1)
      mini_mime (>= 0.1.1)
      net-imap
      net-pop
      net-smtp
    marcel (1.0.4)
    matrix (0.4.2)
    mime-types (3.5.2)
      mime-types-data (~> 3.2015)
    mime-types-data (3.2024.0604)
    mini_magick (4.12.0)
    mini_mime (1.1.5)
    mini_portile2 (2.8.7)
    minitest (5.23.1)
    mjml-rails (4.11.0)
    msgpack (1.7.2)
    multi_json (1.15.0)
    mustache (1.1.1)
    mutex_m (0.2.0)
    net-http (0.4.1)
      uri
    net-imap (0.4.12)
      date
      net-protocol
    net-pop (0.1.2)
      net-protocol
    net-protocol (0.2.2)
      timeout
    net-scp (4.0.0)
      net-ssh (>= 2.6.5, < 8.0.0)
    net-sftp (4.0.0)
      net-ssh (>= 5.0.0, < 8.0.0)
    net-smtp (0.5.0)
      net-protocol
    net-ssh (7.2.3)
    nio4r (2.7.3)
    nokogiri (1.16.5)
      mini_portile2 (~> 2.8.2)
      racc (~> 1.4)
    nokogiri (1.16.5-x86_64-linux)
      racc (~> 1.4)
    oj (3.16.4)
      bigdecimal (>= 3.0)
    oj_mimic_json (1.0.1)
    optimist (3.1.0)
    orm_adapter (0.5.0)
    os (1.1.4)
    paper_trail (15.1.0)
      activerecord (>= 6.1)
      request_store (~> 1.4)
    parallel (1.25.1)
    paranoia (2.6.3)
      activerecord (>= 5.1, < 7.2)
    parser (3.3.2.0)
      ast (~> 2.4.1)
      racc
    patience_diff (1.2.0)
      optimist (~> 3.0)
    pg (1.5.6)
    psych (5.1.2)
      stringio
    public_suffix (5.0.5)
    puma (6.4.2)
      nio4r (~> 2.0)
    racc (1.8.0)
    rack (3.0.11)
    rack-cors (2.0.0)
      rack (>= 2.0.0)
    rack-mini-profiler (2.3.4)
      rack (>= 1.2.0)
    rack-session (2.0.0)
      rack (>= 3.0.0)
    rack-test (2.1.0)
      rack (>= 1.3)
    rackup (2.1.0)
      rack (>= 3)
      webrick (~> 1.8)
    rails (7.1.3.4)
      actioncable (= 7.1.3.4)
      actionmailbox (= 7.1.3.4)
      actionmailer (= 7.1.3.4)
      actionpack (= 7.1.3.4)
      actiontext (= 7.1.3.4)
      actionview (= 7.1.3.4)
      activejob (= 7.1.3.4)
      activemodel (= 7.1.3.4)
      activerecord (= 7.1.3.4)
      activestorage (= 7.1.3.4)
      activesupport (= 7.1.3.4)
      bundler (>= 1.15.0)
      railties (= 7.1.3.4)
    rails-dom-testing (2.2.0)
      activesupport (>= 5.0.0)
      minitest
      nokogiri (>= 1.6)
    rails-erd (1.7.2)
      activerecord (>= 4.2)
      activesupport (>= 4.2)
      choice (~> 0.2.0)
      ruby-graphviz (~> 1.2)
    rails-html-sanitizer (1.6.0)
      loofah (~> 2.21)
      nokogiri (~> 1.14)
    railties (7.1.3.4)
      actionpack (= 7.1.3.4)
      activesupport (= 7.1.3.4)
      irb
      rackup (>= 1.0.0)
      rake (>= 12.2)
      thor (~> 1.0, >= 1.2.2)
      zeitwerk (~> 2.6)
    rainbow (3.1.1)
    rake (13.2.1)
    ransack (4.1.1)
      activerecord (>= 6.1.5)
      activesupport (>= 6.1.5)
      i18n
    rdoc (6.7.0)
      psych (>= 4.0.0)
    redis (5.2.0)
      redis-client (>= 0.22.0)
    redis-actionpack (5.4.0)
      actionpack (>= 5, < 8)
      redis-rack (>= 2.1.0, < 4)
      redis-store (>= 1.1.0, < 2)
    redis-activesupport (5.3.0)
      activesupport (>= 3, < 8)
      redis-store (>= 1.3, < 2)
    redis-client (0.22.2)
      connection_pool
    redis-rack (3.0.0)
      rack-session (>= 0.2.0)
      redis-store (>= 1.2, < 2)
    redis-rails (5.0.2)
      redis-actionpack (>= 5.0, < 6)
      redis-activesupport (>= 5.0, < 6)
      redis-store (>= 1.2, < 2)
    redis-store (1.10.0)
      redis (>= 4, < 6)
    regexp_parser (2.9.2)
    reline (0.5.8)
      io-console (~> 0.5)
    request_store (1.7.0)
      rack (>= 1.4)
    require_all (3.0.0)
    responders (3.1.1)
      actionpack (>= 5.2)
      railties (>= 5.2)
    rexml (3.3.2)
      strscan
    rgeo (3.0.1)
    rgeo-activerecord (7.0.1)
      activerecord (>= 5.0)
      rgeo (>= 1.0.0)
    rgeo-geojson (2.1.1)
      rgeo (>= 1.0.0)
    rspec (3.13.0)
      rspec-core (~> 3.13.0)
      rspec-expectations (~> 3.13.0)
      rspec-mocks (~> 3.13.0)
    rspec-activejob (0.6.1)
      activejob (>= 4.2)
      rspec-mocks
    rspec-core (3.13.0)
      rspec-support (~> 3.13.0)
    rspec-expectations (3.13.0)
      diff-lcs (>= 1.2.0, < 2.0)
      rspec-support (~> 3.13.0)
    rspec-mocks (3.13.1)
      diff-lcs (>= 1.2.0, < 2.0)
      rspec-support (~> 3.13.0)
    rspec-rails (6.1.2)
      actionpack (>= 6.1)
      activesupport (>= 6.1)
      railties (>= 6.1)
      rspec-core (~> 3.13)
      rspec-expectations (~> 3.13)
      rspec-mocks (~> 3.13)
      rspec-support (~> 3.13)
    rspec-support (3.13.1)
    rswag-api (2.13.0)
      activesupport (>= 3.1, < 7.2)
      railties (>= 3.1, < 7.2)
    rswag-ui (2.13.0)
      actionpack (>= 3.1, < 7.2)
      railties (>= 3.1, < 7.2)
    rubocop (1.63.5)
      json (~> 2.3)
      language_server-protocol (>= 3.17.0)
      parallel (~> 1.10)
      parser (>= 3.3.0.2)
      rainbow (>= 2.2.2, < 4.0)
      regexp_parser (>= 1.8, < 3.0)
      rexml (>= 3.2.5, < 4.0)
      rubocop-ast (>= 1.31.1, < 2.0)
      ruby-progressbar (~> 1.7)
      unicode-display_width (>= 2.4.0, < 3.0)
    rubocop-ast (1.31.3)
      parser (>= 3.3.1.0)
    rubocop-performance (1.21.0)
      rubocop (>= 1.48.1, < 2.0)
      rubocop-ast (>= 1.31.1, < 2.0)
    rubocop-rails (2.25.0)
      activesupport (>= 4.2.0)
      rack (>= 1.1)
      rubocop (>= 1.33.0, < 2.0)
      rubocop-ast (>= 1.31.1, < 2.0)
    ruby-graphviz (1.2.5)
      rexml
    ruby-progressbar (1.13.0)
    ruby-vips (2.2.1)
      ffi (~> 1.12)
    ruby2_keywords (0.0.5)
    ruby_http_client (3.5.5)
    rubyzip (2.3.2)
    sass-rails (6.0.0)
      sassc-rails (~> 2.1, >= 2.1.1)
    sassc (2.4.0)
      ffi (~> 1.9)
    sassc-rails (2.1.2)
      railties (>= 4.0.0)
      sassc (>= 2.0)
      sprockets (> 3.0)
      sprockets-rails
      tilt
    sendgrid-actionmailer (3.2.0)
      mail (~> 2.7)
      sendgrid-ruby (~> 6.4)
    sendgrid-ruby (6.7.0)
      ruby_http_client (~> 3.4)
    sentry-rails (5.17.3)
      railties (>= 5.0)
      sentry-ruby (~> 5.17.3)
    sentry-ruby (5.17.3)
      bigdecimal
      concurrent-ruby (~> 1.0, >= 1.0.2)
    shoulda-matchers (4.0.1)
      activesupport (>= 4.2.0)
    sidekiq (7.2.4)
      concurrent-ruby (< 2)
      connection_pool (>= 2.3.0)
      rack (>= 2.2.4)
      redis-client (>= 0.19.0)
    signet (0.19.0)
      addressable (~> 2.8)
      faraday (>= 0.17.5, < 3.a)
      jwt (>= 1.5, < 3.0)
      multi_json (~> 1.10)
    simplecov (0.22.0)
      docile (~> 1.1)
      simplecov-html (~> 0.11)
      simplecov_json_formatter (~> 0.1)
    simplecov-html (0.12.3)
    simplecov_json_formatter (0.1.4)
    sprockets (4.2.1)
      concurrent-ruby (~> 1.0)
      rack (>= 2.2.4, < 4)
    sprockets-rails (3.5.1)
      actionpack (>= 6.1)
      activesupport (>= 6.1)
      sprockets (>= 3.0.0)
    sshkit (1.22.2)
      base64
      mutex_m
      net-scp (>= 1.1.2)
      net-sftp (>= 2.1.2)
      net-ssh (>= 2.8.0)
    ssrf_filter (1.1.2)
    standard (1.36.0)
      language_server-protocol (~> 3.17.0.2)
      lint_roller (~> 1.0)
      rubocop (~> 1.63.0)
      standard-custom (~> 1.0.0)
      standard-performance (~> 1.4)
    standard-custom (1.0.2)
      lint_roller (~> 1.0)
      rubocop (~> 1.50)
    standard-performance (1.4.0)
      lint_roller (~> 1.1)
      rubocop-performance (~> 1.21.0)
    stringio (3.1.0)
    strscan (3.1.0)
    super_diff (0.12.1)
      attr_extras (>= 6.2.4)
      diff-lcs
      patience_diff
    thor (1.3.1)
    tilt (2.3.0)
    timeout (0.4.1)
    tzinfo (2.0.6)
      concurrent-ruby (~> 1.0)
    tzinfo-data (1.2024.1)
      tzinfo (>= 1.0.0)
    uglifier (4.2.0)
      execjs (>= 0.3.0, < 3)
    unaccent (0.4.0)
    unicode-display_width (2.5.0)
    uniform_notifier (1.16.0)
    uri (0.13.0)
    valid_url (0.0.4)
      addressable
      rails
    warden (1.2.9)
      rack (>= 2.0.9)
    web-console (4.2.1)
      actionview (>= 6.0.0)
      activemodel (>= 6.0.0)
      bindex (>= 0.4.0)
      railties (>= 6.0.0)
    webmock (3.23.1)
      addressable (>= 2.8.0)
      crack (>= 0.3.2)
      hashdiff (>= 0.4.0, < 2.0.0)
    webrick (1.8.1)
    websocket-driver (0.7.6)
      websocket-extensions (>= 0.1.0)
    websocket-extensions (0.1.5)
    xdan-datetimepicker-rails (2.5.4)
      jquery-rails
      rails (>= 3.2.16)
    xpath (3.2.0)
      nokogiri (~> 1.8)
    zeitwerk (2.6.15)

PLATFORMS
  ruby
  x86_64-linux

DEPENDENCIES
  active_admin_paranoia!
  active_admin_sidebar!
  active_skin
  activeadmin
  activeadmin-globalize!
  activeadmin_addons (~> 1.9.0)
  activeadmin_quill_editor
  activerecord-import
  activerecord-postgis-adapter
  acts_as_list
  annotate
  base64 (= 0.1.1)
  bcrypt
  bootsnap
  brakeman
  bullet
  bundler-audit
  cancancan
  capistrano (~> 3.6)
  capistrano-bundler
  capistrano-db-tasks
  capistrano-env-config
  capistrano-passenger
  capistrano-rails (~> 1.2)
  capistrano-rvm
  capybara
  carrierwave-base64
  chartkick
  countries
  cuprite
  database_cleaner
  debug
  devise
  dotenv-rails
  email_spec
  factory_bot_rails
  faker
  globalize
  globalize-versioning!
  google-cloud-translate
  groupdate
  http
  i18n_generators
  interactor (~> 3.0)
  jsonapi-resources (= 0.9.12)
  jwt
  letter_opener_web
  mini_magick
  mjml-rails
  nokogiri
  oj
  oj_mimic_json
  paper_trail
  paranoia
  pg
  puma
  rack (~> 3.0.11)
  rack-cors (= 2.0.0)
  rack-mini-profiler (~> 2.0)
  rails (~> 7.1.3)
  rails-erd
  redis-rails
  rgeo
  rgeo-geojson
  rspec-activejob
  rspec-rails
  rspec-request_snapshot!
  rspec_api_documentation!
  rswag-api
  rswag-ui
  rubocop-rails
  rubyzip (~> 2.3.0)
  sass-rails
  sassc-rails
  sendgrid-actionmailer
  sentry-rails
  sentry-ruby
  shoulda-matchers (~> 4.0.1)
  sidekiq
  simplecov
  sprockets-rails
  standard
  super_diff
  tzinfo-data
  uglifier
  valid_url
  web-console (>= 4.1.0)
  webmock

RUBY VERSION
   ruby 3.2.3p157

BUNDLED WITH
   2.5.6
